GEM
  remote: https://rubygems.org/
  specs:
    io-console (0.5.6)
    irb (1.3.0)
      reline (>= 0.1.5)
    reline (0.2.0)
      io-console (~> 0.5)

PLATFORMS
  x86_64-darwin-18

DEPENDENCIES
  irb

BUNDLED WITH
   2.2.3
